GEM
  specs:
    ast (2.4.2)
    diff-lcs (1.5.0)
    netrc (0.11.0)
    parallel (1.22.1)
    parser (3.2.0.0)
      ast (~> 2.4.1)
    rbi (0.0.16)
      ast
      parser (>= 2.6.4.0)
      sorbet-runtime (>= 0.5.9204)
      unparser
    sorbet (0.5.10626)
      sorbet-static (= 0.5.10626)
    sorbet-runtime (0.5.10626)
    sorbet-static (0.5.10626-universal-darwin-21)
    sorbet-static-and-runtime (0.5.10626)
      sorbet (= 0.5.10626)
      sorbet-runtime (= 0.5.10626)
    spoom (1.1.15)
      sorbet (>= 0.5.10187)
      sorbet-runtime (>= 0.5.9204)
      thor (>= 0.19.2)
    tapioca (0.10.5)
      bundler (>= 1.17.3)
      netrc (>= 0.11.0)
      parallel (>= 1.21.0)
      rbi (~> 0.0.0, >= 0.0.16)
      sorbet-static-and-runtime (>= 0.5.10187)
      spoom (~> 1.1.0, >= 1.1.11)
      thor (>= 1.2.0)
      yard-sorbet
    thor (1.2.1)
    unparser (0.6.7)
      diff-lcs (~> 1.3)
      parser (>= 3.2.0)
    webrick (1.7.0)
    yard (0.9.28)
      webrick (~> 1.7.0)
    yard-sorbet (0.8.0)
      sorbet-runtime (>= 0.5)
      yard (>= 0.9)

PLATFORMS
  arm64-darwin-21

DEPENDENCIES
  sorbet
  sorbet-runtime
  tapioca

BUNDLED WITH
   2.3.11
